GIT
  remote: https://github.com/david50407/omniauth-ncu-portal-openid.git
  revision: f9b077ee798d80475389d7268b80fee8c6fc5c0d
  specs:
    omniauth-ncu-portal-openid (0.9.0)
      omniauth (~> 1.0)
      rack-openid (~> 1.3.1)

GIT
  remote: https://github.com/david50407/rack-openid.git
  revision: cb1c5275bc78de1b650cf036424176ced4aa774c
  specs:
    rack-openid (1.3.1)
      rack (>= 1.1.0)
      ruby-openid (>= 2.1.8)

GEM
  remote: https://rubygems.org/
  specs:
    hashie (3.3.1)
    mail (2.6.1)
      mime-types (>= 1.16, < 3)
    mime-types (2.3)
    net-ldap (0.8.0)
    omniauth (1.2.2)
      hashie (>= 1.2, < 4)
      rack (~> 1.0)
    pony (1.11)
      mail (>= 2.0)
    rack (1.5.2)
    rack-protection (1.5.3)
      rack
    rack-session-file (0.5.0)
      rack (>= 1.1.0)
    ruby-openid (2.5.0)
    sinatra (1.4.5)
      rack (~> 1.4)
      rack-protection (~> 1.4)
      tilt (~> 1.3, >= 1.3.4)
    slim (2.0.3)
      temple (~> 0.6.6)
      tilt (>= 1.3.3, < 2.1)
    temple (0.6.8)
    tilt (1.4.1)

PLATFORMS
  ruby

DEPENDENCIES
  net-ldap
  omniauth-ncu-portal-openid!
  pony
  rack-openid!
  rack-session-file
  sinatra (~> 1.4)
  slim
